GEM
  remote: https://rubygems.org/
  specs:
    backports (3.11.4)
    bson (4.3.0)
    diff-lcs (1.3)
    json (2.1.0)
    mongo (2.6.2)
      bson (>= 4.3.0, < 5.0.0)
    multi_json (1.13.1)
    mustermann (1.0.3)
    rack (2.0.6)
    rack-protection (2.0.5)
      rack
    rspec (3.8.0)
      rspec-core (~> 3.8.0)
      rspec-expectations (~> 3.8.0)
      rspec-mocks (~> 3.8.0)
    rspec-core (3.8.0)
      rspec-support (~> 3.8.0)
    rspec-expectations (3.8.2)
      diff-lcs (>= 1.2.0, < 2.0)
      rspec-support (~> 3.8.0)
    rspec-mocks (3.8.0)
      diff-lcs (>= 1.2.0, < 2.0)
      rspec-support (~> 3.8.0)
    rspec-support (3.8.0)
    sinatra (2.0.5)
      mustermann (~> 1.0)
      rack (~> 2.0)
      rack-protection (= 2.0.5)
      tilt (~> 2.0)
    sinatra-contrib (2.0.5)
      backports (>= 2.8.2)
      multi_json
      mustermann (~> 1.0)
      rack-protection (= 2.0.5)
      sinatra (= 2.0.5)
      tilt (>= 1.3, < 3)
    tilt (2.0.9)

PLATFORMS
  x64-mingw32

DEPENDENCIES
  json
  mongo
  rspec
  sinatra
  sinatra-contrib

BUNDLED WITH
   1.17.2
